GEM
  remote: https://rubygems.org/
  specs:
    bcrypt (3.1.10)
    daemons (1.1.9)
    eventmachine (1.0.7)
    logger (1.2.8)
    pg (0.18.1)
    rack (1.6.0)
    rack-protection (1.5.3)
      rack
    sequel (4.20.0)
    sequel_secure_password (0.2.12)
      bcrypt (>= 3.1, < 4.0)
      sequel (>= 4.1.0, < 5.0)
    sinatra (1.4.5)
      rack (~> 1.4)
      rack-protection (~> 1.4)
      tilt (~> 1.3, >= 1.3.4)
    sinatra-flash (0.3.0)
      sinatra (>= 1.0.0)
    thin (1.6.3)
      daemons (~> 1.0, >= 1.0.9)
      eventmachine (~> 1.0)
      rack (~> 1.0)
    tilt (1.4.1)

PLATFORMS
  ruby

DEPENDENCIES
  logger
  pg
  sequel (>= 4.20.0, < 5.0)
  sequel_secure_password
  sinatra (>= 1.4.5, < 2.0)
  sinatra-flash
  thin
