GEM
  remote: https://rubygems.org/
  specs:
    ast (2.0.0)
    bcrypt (3.1.10)
    logger (1.2.8)
    mini_portile (0.6.2)
    nokogiri (1.6.6.2)
      mini_portile (~> 0.6.0)
    oga (0.2.2)
      ast
      racc (~> 1.4, >= 1.4.12)
    passenger (5.0.2)
      rack
      rake (>= 0.8.1)
    pg (0.18.1)
    racc (1.4.12)
    rack (1.6.0)
    rack-protection (1.5.3)
      rack
    rake (10.4.2)
    sequel (4.20.0)
    sequel_secure_password (0.2.12)
      bcrypt (>= 3.1, < 4.0)
      sequel (>= 4.1.0, < 5.0)
    sinatra (1.4.5)
      rack (~> 1.4)
      rack-protection (~> 1.4)
      tilt (~> 1.3, >= 1.3.4)
    sinatra-flash (0.3.0)
      sinatra (>= 1.0.0)
    tilt (1.4.1)

PLATFORMS
  ruby

DEPENDENCIES
  logger
  nokogiri
  oga
  passenger (>= 5.0.2)
  pg
  sequel (>= 4.20.0, < 5.0)
  sequel_secure_password
  sinatra (>= 1.4.5, < 2.0)
  sinatra-flash
