GEM
  remote: https://rubygems.org/
  specs:
    bcrypt (3.1.10)
    daemons (1.1.9)
    encrypted_cookie (0.0.4)
    eventmachine (1.0.7)
    logger (1.2.8)
    mini_portile (0.6.2)
    nokogiri (1.6.6.2)
      mini_portile (~> 0.6.0)
    pg (0.18.1)
    que (0.10.0)
    rack (1.6.0)
    rack-protection (1.5.3)
      rack
    rack-ssl-enforcer (0.2.8)
    sequel (4.20.0)
    sequel_pg (1.6.12)
      pg (>= 0.8.0)
      sequel (>= 3.39.0)
    sequel_secure_password (0.2.12)
      bcrypt (>= 3.1, < 4.0)
      sequel (>= 4.1.0, < 5.0)
    sinatra (1.4.6)
      rack (~> 1.4)
      rack-protection (~> 1.4)
      tilt (>= 1.3, < 3)
    sinatra-flash (0.3.0)
      sinatra (>= 1.0.0)
    thin (1.6.3)
      daemons (~> 1.0, >= 1.0.9)
      eventmachine (~> 1.0)
      rack (~> 1.0)
    tilt (2.0.1)

PLATFORMS
  ruby

DEPENDENCIES
  encrypted_cookie
  logger
  nokogiri
  pg
  que (>= 0.10.0)
  rack-ssl-enforcer
  sequel (>= 4.20.0, < 5.0)
  sequel_pg (>= 1.6.12)
  sequel_secure_password
  sinatra (>= 1.4.6, < 2.0)
  sinatra-flash
  thin
